GEM
  remote: http://rubygems.org/
  specs:
    background_process (1.2)
    builder (3.0.0)
    crack (0.1.8)
    cucumber (0.10.2)
      builder (>= 2.1.2)
      diff-lcs (>= 1.1.2)
      gherkin (>= 2.3.5)
      json (>= 1.4.6)
      term-ansicolor (>= 1.0.5)
    diff-lcs (1.1.2)
    gherkin (2.3.5)
      json (>= 1.4.6)
    git (1.2.5)
    httparty (0.7.4)
      crack (= 0.1.8)
    jeweler (1.5.2)
      bundler (~> 1.0.0)
      git (>= 1.2.5)
      rake
    json (1.5.1)
    nokogiri (1.4.4)
    rake (0.8.7)
    rspec (1.3.1)
    term-ansicolor (1.0.5)

PLATFORMS
  ruby

DEPENDENCIES
  background_process (= 1.2)
  builder (= 3.0.0)
  bundler (= 1.0.10)
  crack (= 0.1.8)
  cucumber (= 0.10.2)
  diff-lcs (= 1.1.2)
  git (= 1.2.5)
  httparty (= 0.7.4)
  jeweler (= 1.5.2)
  json (= 1.5.1)
  nokogiri (= 1.4.4)
  rspec (= 1.3.1)
  term-ansicolor (= 1.0.5)
